GEM
  remote: https://rubygems.org/
  specs:
    byebug (9.0.6)
    diff-lcs (1.3)
    dnssd (3.0.1)
    equatable (0.5.0)
    necromancer (0.3.0)
    pastel (0.7.1)
      equatable (~> 0.5.0)
      tty-color (~> 0.4.0)
    pdf-core (0.6.1)
    prawn (2.1.0)
      pdf-core (~> 0.6.1)
      ttfunk (~> 1.4.0)
    ttfunk (1.4.0)
    tty (0.6.0)
      equatable (~> 0.5.0)
      pastel (~> 0.7.0)
      tty-color (~> 0.4.0)
      tty-command (~> 0.3.0)
      tty-cursor (~> 0.3.0)
      tty-editor (~> 0.1.0)
      tty-file (~> 0.2.0)
      tty-pager (~> 0.5.0)
      tty-platform (~> 0.1.0)
      tty-progressbar (~> 0.10.0)
      tty-prompt (~> 0.10.0)
      tty-screen (~> 0.5.0)
      tty-spinner (~> 0.4.0)
      tty-table (~> 0.7.0)
      tty-which (~> 0.2.0)
    tty-color (0.4.2)
    tty-command (0.3.2)
      pastel (~> 0.7.0)
    tty-cursor (0.3.0)
    tty-editor (0.1.2)
      tty-prompt (~> 0.10.0)
      tty-which (~> 0.2.0)
    tty-file (0.2.0)
      diff-lcs (~> 1.3.0)
      pastel (~> 0.7.0)
      tty-prompt (~> 0.10.0)
    tty-pager (0.5.0)
      tty-screen (~> 0.5.0)
      tty-which (~> 0.2.0)
      verse (~> 0.5.0)
    tty-platform (0.1.0)
    tty-progressbar (0.10.1)
      tty-screen (~> 0.5.0)
    tty-prompt (0.10.1)
      necromancer (~> 0.3.0)
      pastel (~> 0.7.0)
      tty-cursor (~> 0.3.0)
      wisper (~> 1.6.1)
    tty-screen (0.5.0)
    tty-spinner (0.4.1)
    tty-table (0.7.0)
      equatable (~> 0.5.0)
      necromancer (~> 0.3.0)
      pastel (~> 0.7.0)
      tty-screen (~> 0.5.0)
      unicode-display_width (~> 1.1.0)
      verse (~> 0.5.0)
    tty-which (0.2.2)
    unicode-display_width (1.1.3)
    unicode_utils (1.4.0)
    verse (0.5.0)
      unicode-display_width (~> 1.1.0)
      unicode_utils (~> 1.4.0)
    wisper (1.6.1)

PLATFORMS
  ruby

DEPENDENCIES
  byebug
  dnssd (~> 3.0)
  prawn
  tty
  tty-pager
  tty-spinner
  tty-table

RUBY VERSION
   ruby 2.3.1p112

BUNDLED WITH
   1.14.3
